CONTENT:
NUGET
  remote: https://nuget.org/api/v2
    Dep.One (1.0.0)
    Dep.Two (2.0.0)
      Dep.Three (>= 3.3.0)
    Dep.Three (3.0.0)
      Dep.Four (>4.0.0)
    Dep.Four (4.0.0)
GITHUB
  remote: user/repo
    src/app/file (0341a2e614eb2a7f34607cec914eb0ed83ce9add)
GROUP Build
CONTENT: NONE
RESTRICTION: >= something
NUGET
  remote: https://www.nuget.org/api/v2
    Dep.Five (5.0.0)
      Dep.Six (>= 1.3.1)
    Dep.Six (6.0.0)